GEM
  remote: http://rubygems.org/
  specs:
    right_aws (3.1.0)
      right_http_connection (>= 1.2.5)
    right_http_connection (1.4.0)

PLATFORMS
  ruby

DEPENDENCIES
  right_aws
